PATH
  remote: .
  specs:
    nano_twitter (0.7)

GEM
  remote: https://rubygems.org/
  specs:
    byebug (11.0.1)
    docile (1.3.1)
    httparty (0.16.4)
      mime-types (~> 3.0)
      multi_xml (>= 0.5.2)
    json (2.2.0)
    mime-types (3.2.2)
      mime-types-data (~> 3.2015)
    mime-types-data (3.2018.0812)
    multi_xml (0.6.0)
    rake (10.5.0)
    rb-readline (0.5.5)
    simplecov (0.16.1)
      docile (~> 1.1)
      json (>= 1.8, < 3)
      simplecov-html (~> 0.10.0)
    simplecov-html (0.10.2)

PLATFORMS
  ruby

DEPENDENCIES
  bundler (~> 2.0)
  byebug
  httparty
  nano_twitter!
  rake (~> 10.0)
  rb-readline
  simplecov

BUNDLED WITH
   2.0.1
